GIT
  remote: git://github.com/mikehale/excon.git
  revision: 99ee4cfe6cdfc312b37bc42cb9667fa024f20464
  branch: non-destructive-connection
  specs:
    excon (0.33.0)

GEM
  remote: https://rubygems.org/
  specs:
    puma (2.8.2)
      rack (>= 1.1, < 2.0)
    rack (1.5.2)

PLATFORMS
  ruby

DEPENDENCIES
  excon!
  puma
